PATH
  remote: .
  specs:
    omniauth-bn-launcher (0.1.5)
      omniauth (~> 2.1, >= 2.1.0)
      omniauth-oauth2 (= 1.7.2)

GEM
  remote: https://rubygems.org/
  specs:
    faraday (2.7.4)
      faraday-net_http (>= 2.0, < 3.1)
      ruby2_keywords (>= 0.0.4)
    faraday-net_http (3.0.2)
    hashie (5.0.0)
    jwt (2.7.0)
    multi_json (1.15.0)
    multi_xml (0.6.0)
    oauth2 (1.4.11)
      faraday (>= 0.17.3, < 3.0)
      jwt (>= 1.0, < 3.0)
      multi_json (~> 1.3)
      multi_xml (~> 0.5)
      rack (>= 1.2, < 4)
    omniauth (2.1.1)
      hashie (>= 3.4.6)
      rack (>= 2.2.3)
      rack-protection
    omniauth-oauth2 (1.7.2)
      oauth2 (~> 1.4)
      omniauth (>= 1.9, < 3)
    rack (3.0.7)
    rack-protection (3.0.5)
      rack
    ruby2_keywords (0.0.5)

PLATFORMS
  ruby

DEPENDENCIES
  bundler (~> 2.0)
  omniauth-bn-launcher!
